GIT
  remote: git://github.com/chriseppstein/nanoc.git
  revision: 3982942
  branch: 3.1.x
  specs:
    nanoc3 (3.1.2)
      cri (>= 1.0.0)

PATH
  remote: /Users/chris/Projects/compass
  specs:
    compass (0.10.6)
      haml (>= 3.0.4)

GEM
  remote: http://rubygems.org/
  specs:
    activesupport (2.3.8)
    coderay (0.9.3)
    compass-susy-plugin (0.7.0)
      compass (>= 0.10.0)
    cri (1.0.1)
    css-slideshow (0.2.0)
      compass (>= 0.10.0.rc3)
    fssm (0.1.4)
    haml (3.0.16)
    json (1.4.5)
    mime-types (1.16)
    nokogiri (1.4.3.1)
    rack (1.2.1)
    rake (0.8.7)
    rdiscount (1.6.5)
    serve (0.10.2)
      activesupport (>= 2.0.2)
    thor (0.14.0)

PLATFORMS
  ruby

DEPENDENCIES
  coderay
  compass!
  compass-susy-plugin (>= 0.7.0.pre8)
  css-slideshow (= 0.2.0)
  fssm
  haml (>= 3.0.6)
  json
  mime-types
  nanoc3!
  nokogiri
  rack
  rake
  rdiscount
  serve (= 0.10.2)
  thor
