PATH
  remote: .
  specs:
    compass-sprites (1.0.0.alpha.17)
      chunky_png (~> 1.3.1)

PATH
  remote: ../cli
  specs:
    compass (1.1.0.alpha.3)
      compass-core (~> 1.1.0.alpha.3)
      compass-import-once (~> 1.0.5)
      rb-fsevent (>= 0.9.3)
      rb-inotify (>= 0.9)
      sass (>= 3.3.13, < 3.5)

PATH
  remote: ../core
  specs:
    compass-core (1.1.0.alpha.3)
      multi_json (~> 1.0)
      sass (>= 3.3.0, < 3.5)

PATH
  remote: ../import-once
  specs:
    compass-import-once (1.0.5)
      sass (>= 3.2, < 3.5)

GEM
  remote: https://rubygems.org/
  specs:
    chunky_png (1.3.1)
    diff-lcs (1.2.5)
    ffi (1.9.5)
    metaclass (0.0.4)
    mocha (0.14.0)
      metaclass (~> 0.0.1)
    multi_json (1.10.1)
    oily_png (1.1.2)
      chunky_png (~> 1.3.1)
    rake (10.3.2)
    rb-fsevent (0.9.4)
    rb-inotify (0.9.5)
      ffi (>= 0.5.0)
    sass (3.4.5)
    sass-globbing (1.1.1)
      sass (>= 3.1)
    true (0.2.3)
      sass (>= 3.3.0, < 3.5)

PLATFORMS
  ruby

DEPENDENCIES
  bundler (~> 1.3)
  compass!
  compass-core!
  compass-import-once!
  compass-sprites!
  diff-lcs
  mocha (~> 0.14.0)
  oily_png (~> 1.1.0)
  rake
  sass-globbing
  true (>= 0.2.0.rc.3)
