PATH
  remote: ..
  specs:
    compass (1.0.0.alpha.0)
      chunky_png (~> 1.2)
      compass-core
      json
      listen (~> 1.1.0)
      sass (~> 3.3.0.rc.1)
    compass-core (1.0.0.alpha.0)
      multi_json (~> 1.0)
      sass (>= 3.3.rc.1)

GEM
  remote: https://rubygems.org/
  specs:
    activesupport (3.0.20)
    adsf (1.1.1)
      rack (>= 1.0.0)
    builder (3.2.0)
    chunky_png (1.2.9)
    coderay (1.0.9)
    colored (1.2)
    cri (2.3.0)
      colored (>= 1.2)
    css-slideshow (0.2.0)
      compass (>= 0.10.0.rc3)
    css_parser (1.0.1)
    daemons (1.1.9)
    eventmachine (1.0.3)
    ffi (1.7.0)
    foreman (0.62.0)
      thor (>= 0.13.6)
    fssm (0.2.10)
    haml (4.0.3)
      tilt
    i18n (0.6.4)
    json (1.7.7)
    listen (1.1.6)
      rb-fsevent (>= 0.9.3)
      rb-inotify (>= 0.9)
      rb-kqueue (>= 0.2)
    mime-types (1.22)
    multi_json (1.8.2)
    nanoc (3.4.3)
      cri (~> 2.2)
    nokogiri (1.5.9)
    rack (1.5.2)
    rake (10.0.4)
    rb-fsevent (0.9.3)
    rb-inotify (0.9.0)
      ffi (>= 0.5.0)
    rb-kqueue (0.2.0)
      ffi (>= 0.5.0)
    rdiscount (2.0.7.2)
    ruby-prof (0.13.0)
    sass (3.3.0.rc.2)
      listen (~> 1.1.0)
    susy (2.0.0.alpha.4)
      compass (>= 0.12.2)
      sass (>= 3.2.0)
    thin (1.5.1)
      daemons (>= 1.0.9)
      eventmachine (>= 0.12.6)
      rack (>= 1.0.0)
    thor (0.18.1)
    tilt (1.4.1)

PLATFORMS
  ruby

DEPENDENCIES
  activesupport (~> 3.0.10)
  adsf
  builder
  coderay
  compass!
  css-slideshow (= 0.2.0)
  css_parser (= 1.0.1)
  foreman
  fssm
  haml
  i18n
  json
  mime-types
  nanoc (~> 3.4.2)
  nokogiri
  rack
  rake
  rb-fsevent
  rb-inotify
  rdiscount
  ruby-prof
  sass (>= 3.3.0.rc.2)
  susy
  thin
  thor
